GEM
  remote: https://rubygems.org/
  specs:
    ffi (1.15.5)
    jekyll-watch (2.2.1)
      listen (~> 3.0)
    listen (3.8.0)
      rb-fsevent (~> 0.10, >= 0.10.3)
      rb-inotify (~> 0.9, >= 0.9.10)
    rb-fsevent (0.11.2)
    rb-inotify (0.10.1)
      ffi (~> 1.0)
    webrick (1.8.1)

PLATFORMS
  arm64-darwin-21
  x86_64-darwin-20
  x86_64-darwin-21

DEPENDENCIES
  jekyll-watch (~> 2.2)
  webrick (~> 1.7)

BUNDLED WITH
   2.4.6
